GIT
  remote: git://github.com/sporkrb/spork-rails.git
  revision: 0dd45e59d3237b4c8f9efc215b46d9c07072a95e
  specs:
    spork-rails (4.0.0)
      rails (>= 3.0.0, < 5)
      spork (>= 1.0rc0)

GEM
  remote: https://rubygems.org/
  specs:
    actionmailer (4.0.5)
      actionpack (= 4.0.5)
      mail (~> 2.5.4)
    actionpack (4.0.5)
      activesupport (= 4.0.5)
      builder (~> 3.1.0)
      erubis (~> 2.7.0)
      rack (~> 1.5.2)
      rack-test (~> 0.6.2)
    active_model_serializers (0.8.1)
      activemodel (>= 3.0)
    activemodel (4.0.5)
      activesupport (= 4.0.5)
      builder (~> 3.1.0)
    activerecord (4.0.5)
      activemodel (= 4.0.5)
      activerecord-deprecated_finders (~> 1.0.2)
      activesupport (= 4.0.5)
      arel (~> 4.0.0)
    activerecord-deprecated_finders (1.0.3)
    activesupport (4.0.5)
      i18n (~> 0.6, >= 0.6.9)
      minitest (~> 4.2)
      multi_json (~> 1.3)
      thread_safe (~> 0.1)
      tzinfo (~> 0.3.37)
    acts-as-taggable-on (3.3.0)
      activerecord (>= 3, < 5)
    acts_as_list (0.4.0)
      activerecord (>= 3.0)
    addressable (2.3.6)
    apipie-rails (0.2.4)
      json
    arel (4.0.2)
    barber (0.4.2)
      ember-source
      execjs
      handlebars-source
    bcrypt (3.1.7)
    bootstrap-sass (2.3.2.0)
      sass (~> 3.2)
    bootstrap-will_paginate (0.0.9)
      will_paginate
    bourbon (3.2.0)
      sass (~> 3.2)
      thor
    breadcrumbs_on_rails (2.3.0)
    builder (3.1.4)
    byebug (3.2.0)
      columnize (~> 0.8)
      debugger-linecache (~> 1.2)
    capybara (2.4.1)
      mime-types (>= 1.16)
      nokogiri (>= 1.3.3)
      rack (>= 1.0.0)
      rack-test (>= 0.5.4)
      xpath (~> 2.0)
    carrierwave (0.10.0)
      activemodel (>= 3.2.0)
      activesupport (>= 3.2.0)
      json (>= 1.7)
      mime-types (>= 1.16)
    celluloid (0.15.2)
      timers (~> 1.1.0)
    childprocess (0.5.3)
      ffi (~> 1.0, >= 1.0.11)
    choice (0.1.6)
    cliver (0.3.2)
    coderay (1.1.0)
    coffee-rails (4.0.1)
      coffee-script (>= 2.2.0)
      railties (>= 4.0.0, < 5.0)
    coffee-script (2.3.0)
      coffee-script-source
      execjs
    coffee-script-source (1.7.1)
    columnize (0.8.9)
    crack (0.4.2)
      safe_yaml (~> 1.0.0)
    database_cleaner (1.3.0)
    debugger-linecache (1.2.0)
    diff-lcs (1.2.5)
    ember-data-source (0.14)
      ember-source
    ember-rails (0.14.1)
      active_model_serializers
      barber (>= 0.4.1)
      ember-data-source
      ember-source
      execjs (>= 1.2)
      handlebars-source
      jquery-rails (>= 1.0.17)
      railties (>= 3.1)
    ember-source (1.6.1)
      handlebars-source (~> 1.0)
    erubis (2.7.0)
    execjs (2.2.1)
    factory_girl (4.4.0)
      activesupport (>= 3.0.0)
    factory_girl_rails (4.4.1)
      factory_girl (~> 4.4.0)
      railties (>= 3.0.0)
    faker (1.4.3)
      i18n (~> 0.5)
    ffi (1.9.3)
    formatador (0.2.5)
    growl (1.0.3)
    guard (2.6.1)
      formatador (>= 0.2.4)
      listen (~> 2.7)
      lumberjack (~> 1.0)
      pry (>= 0.9.12)
      thor (>= 0.18.1)
    guard-rspec (3.1.0)
      guard (>= 1.8)
      rspec (~> 2.13)
    guard-spork (1.5.1)
      childprocess (>= 0.2.3)
      guard (>= 1.1)
      spork (>= 0.8.4)
    haml (4.0.5)
      tilt
    haml-rails (0.5.3)
      actionpack (>= 4.0.1)
      activesupport (>= 4.0.1)
      haml (>= 3.1, < 5.0)
      railties (>= 4.0.1)
    handlebars-source (1.3.0)
    hike (1.2.3)
    i18n (0.6.11)
    jquery-rails (3.1.1)
      railties (>= 3.0, < 5.0)
      thor (>= 0.14, < 2.0)
    json (1.8.1)
    kgio (2.9.2)
    launchy (2.4.2)
      addressable (~> 2.3)
    listen (2.7.9)
      celluloid (>= 0.15.2)
      rb-fsevent (>= 0.9.3)
      rb-inotify (>= 0.9)
    lumberjack (1.0.9)
    mail (2.5.4)
      mime-types (~> 1.16)
      treetop (~> 1.4.8)
    method_source (0.8.2)
    mime-types (1.25.1)
    mini_portile (0.6.0)
    minitest (4.7.5)
    momentjs-rails (2.8.1)
      railties (>= 3.1)
    multi_json (1.10.1)
    neat (1.5.1)
      bourbon (>= 3.1)
      sass (~> 3.2.19)
    nokogiri (1.6.3.1)
      mini_portile (= 0.6.0)
    pg (0.15.1)
    poltergeist (1.5.1)
      capybara (~> 2.1)
      cliver (~> 0.3.1)
      multi_json (~> 1.0)
      websocket-driver (>= 0.2.0)
    polyamorous (1.1.0)
      activerecord (>= 3.0)
    polyglot (0.3.5)
    pry (0.10.0)
      coderay (~> 1.1.0)
      method_source (~> 0.8.1)
      slop (~> 3.4)
    qunit-rails (0.0.7)
      railties
    rack (1.5.2)
    rack-test (0.6.2)
      rack (>= 1.0)
    rails (4.0.5)
      actionmailer (= 4.0.5)
      actionpack (= 4.0.5)
      activerecord (= 4.0.5)
      activesupport (= 4.0.5)
      bundler (>= 1.3.0, < 2.0)
      railties (= 4.0.5)
      sprockets-rails (~> 2.0.0)
    rails-erd (1.1.0)
      activerecord (>= 3.0)
      activesupport (>= 3.0)
      choice (~> 0.1.6)
      ruby-graphviz (~> 1.0.4)
    rails_12factor (0.0.2)
      rails_serve_static_assets
      rails_stdout_logging
    rails_serve_static_assets (0.0.2)
    rails_stdout_logging (0.0.3)
    railties (4.0.5)
      actionpack (= 4.0.5)
      activesupport (= 4.0.5)
      rake (>= 0.8.7)
      thor (>= 0.18.1, < 2.0)
    raindrops (0.13.0)
    rake (10.3.2)
    rb-fsevent (0.9.4)
    rb-inotify (0.9.5)
      ffi (>= 0.5.0)
    rdoc (4.1.1)
      json (~> 1.4)
    responders (1.1.0)
      railties (>= 3.2, < 5)
    rmagick (2.13.3)
    rspec (2.99.0)
      rspec-core (~> 2.99.0)
      rspec-expectations (~> 2.99.0)
      rspec-mocks (~> 2.99.0)
    rspec-collection_matchers (1.0.0)
      rspec-expectations (>= 2.99.0.beta1)
    rspec-core (2.99.1)
    rspec-expectations (2.99.2)
      diff-lcs (>= 1.1.3, < 2.0)
    rspec-its (1.0.1)
      rspec-core (>= 2.99.0.beta1)
      rspec-expectations (>= 2.99.0.beta1)
    rspec-mocks (2.99.2)
    rspec-rails (2.99.0)
      actionpack (>= 3.0)
      activemodel (>= 3.0)
      activesupport (>= 3.0)
      railties (>= 3.0)
      rspec-collection_matchers
      rspec-core (~> 2.99.0)
      rspec-expectations (~> 2.99.0)
      rspec-mocks (~> 2.99.0)
    ruby-graphviz (1.0.9)
    rubyzip (1.1.6)
    safe_yaml (1.0.3)
    sass (3.2.19)
    sass-rails (4.0.3)
      railties (>= 4.0.0, < 5.0)
      sass (~> 3.2.0)
      sprockets (~> 2.8, <= 2.11.0)
      sprockets-rails (~> 2.0)
    sdoc (0.4.1)
      json (~> 1.7, >= 1.7.7)
      rdoc (~> 4.0)
    selenium-webdriver (2.42.0)
      childprocess (>= 0.5.0)
      multi_json (~> 1.0)
      rubyzip (~> 1.0)
      websocket (~> 1.0.4)
    shoulda-matchers (2.6.2)
      activesupport (>= 3.0.0)
    slop (3.6.0)
    spork (1.0.0rc4)
    sprockets (2.11.0)
      hike (~> 1.2)
      multi_json (~> 1.0)
      rack (~> 1.0)
      tilt (~> 1.1, != 1.3.0)
    sprockets-rails (2.0.1)
      actionpack (>= 3.0)
      activesupport (>= 3.0)
      sprockets (~> 2.8)
    sqlite3 (1.3.8)
    squeel (1.2.1)
      activerecord (>= 3.0)
      activesupport (>= 3.0)
      polyamorous (~> 1.1.0)
    teaspoon (0.8.0)
      railties (>= 3.2.5, < 5)
    thor (0.19.1)
    thread_safe (0.3.4)
    tilt (1.4.1)
    timers (1.1.0)
    treetop (1.4.15)
      polyglot
      polyglot (>= 0.3.1)
    tzinfo (0.3.41)
    uglifier (2.5.3)
      execjs (>= 0.3.0)
      json (>= 1.8.0)
    unf (0.1.4)
      unf_ext
    unf_ext (0.0.6)
    unicorn (4.8.3)
      kgio (~> 2.6)
      rack
      raindrops (~> 0.7)
    webmock (1.18.0)
      addressable (>= 2.3.6)
      crack (>= 0.3.2)
    websocket (1.0.7)
    websocket-driver (0.3.4)
    will_paginate (3.0.4)
    xpath (2.0.0)
      nokogiri (~> 1.3)

PLATFORMS
  ruby

DEPENDENCIES
  active_model_serializers
  acts-as-taggable-on
  acts_as_list
  apipie-rails
  bcrypt (~> 3.1.7)
  bootstrap-sass (= 2.3.2.0)
  bootstrap-will_paginate (= 0.0.9)
  bourbon (= 3.2.0)
  breadcrumbs_on_rails
  byebug
  capybara
  carrierwave
  childprocess
  coffee-rails (~> 4.0.0)
  database_cleaner
  ember-data-source
  ember-rails
  ember-source (= 1.6.1)
  factory_girl_rails
  faker
  growl (= 1.0.3)
  guard-rspec (= 3.1.0)
  guard-spork
  haml-rails
  jquery-rails
  launchy
  mime-types
  momentjs-rails
  neat (~> 1.5.0)
  pg (= 0.15.1)
  poltergeist
  qunit-rails
  rails (= 4.0.5)
  rails-erd
  rails_12factor (= 0.0.2)
  responders
  rmagick
  rspec-its
  rspec-rails
  sass (~> 3.2.0)
  sass-rails
  sdoc
  selenium-webdriver
  shoulda-matchers
  spork-rails!
  sprockets (= 2.11.0)
  sqlite3 (= 1.3.8)
  squeel
  teaspoon
  uglifier (>= 1.3.0)
  unf
  unicorn
  webmock
  will_paginate (= 3.0.4)
